GEM
  remote: https://rubygems.org/
  specs:
    activemodel (6.0.2.1)
      activesupport (= 6.0.2.1)
    activesupport (6.0.2.1)
      concurrent-ruby (~> 1.0, >= 1.0.2)
      i18n (>= 0.7, < 2)
      minitest (~> 5.1)
      tzinfo (~> 1.1)
      zeitwerk (~> 2.2)
    addressable (2.7.0)
      public_suffix (>= 2.0.2, < 5.0)
    bson (4.7.0)
    bson_ext (1.5.1)
    buftok (0.2.0)
    coderay (1.1.2)
    concurrent-ruby (1.1.5)
    cookiejar (0.3.3)
    daemons (1.3.1)
    domain_name (0.5.20190701)
      unf (>= 0.0.5, < 1.0.0)
    dotenv (2.7.5)
    em-http-request (1.1.5)
      addressable (>= 2.3.4)
      cookiejar (!= 0.3.1)
      em-socksify (>= 0.3)
      eventmachine (>= 1.0.3)
      http_parser.rb (>= 0.6.0)
    em-socksify (0.3.2)
      eventmachine (>= 1.0.0.beta.4)
    em-twitter (0.3.5)
      buftok (~> 0.2)
      eventmachine (~> 1.0)
      http_parser.rb (~> 0.6)
      simple_oauth (~> 0.2)
    equalizer (0.0.10)
    eventmachine (1.2.7)
    faraday (0.9.2)
      multipart-post (>= 1.2, < 3)
    hamlit (2.11.0)
      temple (>= 0.8.2)
      thor
      tilt
    http (1.0.4)
      addressable (~> 2.3)
      http-cookie (~> 1.0)
      http-form_data (~> 1.0.1)
      http_parser.rb (~> 0.6.0)
    http-cookie (1.0.3)
      domain_name (~> 0.5)
    http-form_data (1.0.3)
    http_parser.rb (0.6.0)
    i18n (1.7.0)
      concurrent-ruby (~> 1.0)
    json (1.8.6)
    memoizable (0.4.2)
      thread_safe (~> 0.3, >= 0.3.1)
    method_source (0.9.2)
    minitest (5.13.0)
    mongo (2.11.2)
      bson (>= 4.6.0, < 5.0.0)
    mongoid (7.0.5)
      activemodel (>= 5.1, < 6.1)
      mongo (>= 2.5.1, < 3.0.0)
    multi_json (1.14.1)
    multipart-post (2.1.1)
    mustermann (1.1.0)
      ruby2_keywords (~> 0.0.1)
    naught (1.1.0)
    nio4r (2.5.2)
    pry (0.12.2)
      coderay (~> 1.1.0)
      method_source (~> 0.9.0)
    public_suffix (4.0.1)
    puma (4.3.1)
      nio4r (~> 2.0)
    rack (2.0.8)
    rack-protection (2.0.8.1)
      rack
    ruby2_keywords (0.0.1)
    simple_oauth (0.3.1)
    sinatra (2.0.8.1)
      mustermann (~> 1.0)
      rack (~> 2.0)
      rack-protection (= 2.0.8.1)
      tilt (~> 2.0)
    temple (0.8.2)
    thor (1.0.1)
    thread_safe (0.3.6)
    tilt (2.0.10)
    tweetstream (2.6.1)
      daemons (~> 1.1)
      em-http-request (>= 1.1.1)
      em-twitter (~> 0.3)
      multi_json (~> 1.3)
      twitter (~> 5.5)
    twitter (5.17.0)
      addressable (~> 2.3)
      buftok (~> 0.2.0)
      equalizer (= 0.0.10)
      faraday (~> 0.9.0)
      http (~> 1.0)
      http_parser.rb (~> 0.6.0)
      json (~> 1.8)
      memoizable (~> 0.4.0)
      naught (~> 1.0)
      simple_oauth (~> 0.3.0)
    tzinfo (1.2.6)
      thread_safe (~> 0.1)
    unf (0.1.4)
      unf_ext
    unf_ext (0.0.7.6)
    zeitwerk (2.2.2)

PLATFORMS
  ruby

DEPENDENCIES
  bson_ext
  dotenv
  hamlit
  mongoid (~> 7.0)
  pry
  puma
  sinatra
  tweetstream

RUBY VERSION
   ruby 2.6.5p114

BUNDLED WITH
   1.17.2
